GEM
  remote: https://rubygems.org/
  specs:
    coderay (1.1.3)
    diff-lcs (1.5.0)
    forwardable (1.3.2)
    method_source (1.0.0)
    prime (0.1.2)
      forwardable
      singleton
    pry (0.14.1)
      coderay (~> 1.1)
      method_source (~> 1.0)
    rspec (3.11.0)
      rspec-core (~> 3.11.0)
      rspec-expectations (~> 3.11.0)
      rspec-mocks (~> 3.11.0)
    rspec-core (3.11.0)
      rspec-support (~> 3.11.0)
    rspec-expectations (3.11.0)
      diff-lcs (>= 1.2.0, < 2.0)
      rspec-support (~> 3.11.0)
    rspec-mocks (3.11.1)
      diff-lcs (>= 1.2.0, < 2.0)
      rspec-support (~> 3.11.0)
    rspec-support (3.11.0)
    singleton (0.1.1)

PLATFORMS
  arm64-darwin-21

DEPENDENCIES
  prime
  pry
  rspec

RUBY VERSION
   ruby 3.1.1p18

BUNDLED WITH
   2.3.11
